GEM
  remote: https://rubygems.org/
  specs:
    barby (0.6.5)
    chunky_png (1.3.8)
    rqrcode (0.10.1)
      chunky_png (~> 1.0)

PLATFORMS
  ruby

DEPENDENCIES
  barby
  chunky_png
  rqrcode

BUNDLED WITH
   1.16.0
